GIT
  remote: git://github.com/rails/rails.git
  revision: e6abfc46bfdeb3be3d24ccbd80a0ba174685a9bc
  branch: 3-0-stable
  specs:
    actionmailer (3.0.2.pre)
      actionpack (= 3.0.2.pre)
      mail (~> 2.2.9)
    actionpack (3.0.2.pre)
      activemodel (= 3.0.2.pre)
      activesupport (= 3.0.2.pre)
      builder (~> 2.1.2)
      erubis (~> 2.6.6)
      i18n (~> 0.4.1)
      rack (~> 1.2.1)
      rack-mount (~> 0.6.13)
      rack-test (~> 0.5.6)
      tzinfo (~> 0.3.23)
    activemodel (3.0.2.pre)
      activesupport (= 3.0.2.pre)
      builder (~> 2.1.2)
      i18n (~> 0.4.1)
    activerecord (3.0.2.pre)
      activemodel (= 3.0.2.pre)
      activesupport (= 3.0.2.pre)
      arel (~> 2.0.0)
      tzinfo (~> 0.3.23)
    activeresource (3.0.2.pre)
      activemodel (= 3.0.2.pre)
      activesupport (= 3.0.2.pre)
    activesupport (3.0.2.pre)
    rails (3.0.2.pre)
      actionmailer (= 3.0.2.pre)
      actionpack (= 3.0.2.pre)
      activerecord (= 3.0.2.pre)
      activeresource (= 3.0.2.pre)
      activesupport (= 3.0.2.pre)
      bundler (~> 1.0.0)
      railties (= 3.0.2.pre)
    railties (3.0.2.pre)
      actionpack (= 3.0.2.pre)
      activesupport (= 3.0.2.pre)
      rake (>= 0.8.7)
      thor (~> 0.14.4)

GEM
  remote: http://rubygems.org/
  specs:
    abstract (1.0.0)
    arel (2.0.1)
    builder (2.1.2)
    configuration (1.1.0)
    erubis (2.6.6)
      abstract (>= 1.0.0)
    haml-edge (3.1.79)
    heroku (1.12.1)
      json_pure (>= 1.2.0, < 1.5.0)
      launchy (~> 0.3.2)
      rest-client (>= 1.4.0, < 1.7.0)
    i18n (0.4.2)
    json_pure (1.4.6)
    launchy (0.3.7)
      configuration (>= 0.0.5)
      rake (>= 0.8.1)
    mail (2.2.9)
      activesupport (>= 2.3.6)
      i18n (~> 0.4.1)
      mime-types (~> 1.16)
      treetop (~> 1.4.8)
    mime-types (1.16)
    mocha (0.9.9)
      rake
    nifty-generators (0.4.2)
    polyglot (0.3.1)
    rack (1.2.1)
    rack-mount (0.6.13)
      rack (>= 1.0.0)
    rack-test (0.5.6)
      rack (>= 1.0)
    rake (0.8.7)
    rest-client (1.6.1)
      mime-types (>= 1.16)
    sequel (3.15.0)
    sinatra (1.0)
      rack (>= 1.0)
    sqlite3-ruby (1.3.2)
    taps (0.3.13)
      json_pure (>= 1.2.0, < 1.5.0)
      rack (>= 1.0.1)
      rest-client (>= 1.4.0, < 1.7.0)
      sequel (~> 3.15.0)
      sinatra (~> 1.0.0)
      sqlite3-ruby (~> 1.2)
    thor (0.14.4)
    treetop (1.4.8)
      polyglot (>= 0.3.1)
    tzinfo (0.3.23)

PLATFORMS
  ruby

DEPENDENCIES
  haml-edge
  heroku
  mocha
  nifty-generators
  rails!
  sqlite3-ruby
  taps
